PATH
  remote: .
  specs:
    ruby-lsp-rubyfmt (0.1.0)

GEM
  remote: https://rubygems.org/
  specs:
    minitest (5.20.0)
    rake (10.5.0)

PLATFORMS
  arm64-darwin-22

DEPENDENCIES
  bundler (~> 2.4.21)
  minitest (~> 5.0)
  rake (~> 10.0)
  ruby-lsp-rubyfmt!

BUNDLED WITH
   2.4.21
